GEM
  remote: https://rubygems.org/
  specs:
    puma (3.11.4)
    rack (2.0.1)
    rack-proxy (0.6.4)
      rack
    rack-reverse-proxy (0.12.0)
      rack (>= 1.0.0)
      rack-proxy (~> 0.6, >= 0.6.1)
    rack-ssl-enforcer (0.2.9)

PLATFORMS
  ruby

DEPENDENCIES
  puma
  rack
  rack-reverse-proxy
  rack-ssl-enforcer

RUBY VERSION
   ruby 2.5.1p57

BUNDLED WITH
   1.16.1
